GEM
  remote: http://rubygems.org/
  specs:
    RedCloth (4.2.9)
    actionmailer (3.1.12)
      actionpack (= 3.1.12)
      mail (~> 2.4.4)
    actionpack (3.1.12)
      activemodel (= 3.1.12)
      activesupport (= 3.1.12)
      builder (~> 3.0.0)
      erubis (~> 2.7.0)
      i18n (~> 0.6)
      rack (~> 1.3.6)
      rack-cache (~> 1.2)
      rack-mount (~> 0.8.2)
      rack-test (~> 0.6.1)
      sprockets (~> 2.0.4)
    activemodel (3.1.12)
      activesupport (= 3.1.12)
      builder (~> 3.0.0)
      i18n (~> 0.6)
    activerecord (3.1.12)
      activemodel (= 3.1.12)
      activesupport (= 3.1.12)
      arel (~> 2.2.3)
      tzinfo (~> 0.3.29)
    activeresource (3.1.12)
      activemodel (= 3.1.12)
      activesupport (= 3.1.12)
    activesupport (3.1.12)
      multi_json (~> 1.0)
    acts_as_tree (1.4.0)
      activerecord (>= 3.0.0)
    addressable (2.3.5)
    ansi (1.4.3)
    arel (2.2.3)
    backports (3.3.3)
    builder (3.0.4)
    bullet (4.6.0)
      uniform_notifier
    cancan (1.6.10)
    capistrano (2.15.5)
      highline
      net-scp (>= 1.0.0)
      net-sftp (>= 2.0.0)
      net-ssh (>= 2.0.14)
      net-ssh-gateway (>= 1.1.0)
    capybara (2.1.0)
      mime-types (>= 1.16)
      nokogiri (>= 1.3.3)
      rack (>= 1.0.0)
      rack-test (>= 0.5.4)
      xpath (~> 2.0)
    childprocess (0.3.9)
      ffi (~> 1.0, >= 1.0.11)
    cocoon (1.2.0)
    coderay (1.0.9)
    coffee-rails (3.1.1)
      coffee-script (>= 2.2.0)
      railties (~> 3.1.0)
    coffee-script (2.2.0)
      coffee-script-source
      execjs
    coffee-script-source (1.6.3)
    crack (0.4.1)
    cucumber (1.3.5)
      builder (>= 2.1.2)
      diff-lcs (>= 1.1.3)
      gherkin (~> 2.12.0)
      multi_json (~> 1.7.5)
      multi_test (>= 0.0.2)
    cucumber-rails (1.3.1)
      capybara (>= 1.1.2)
      cucumber (>= 1.2.0)
      nokogiri (>= 1.5.0)
      rails (~> 3.0)
    daemon_controller (1.1.5)
    daemons (1.1.9)
    database_cleaner (1.0.1)
    descendants_tracker (0.0.1)
    diff-lcs (1.2.4)
    em-websocket (0.5.0)
      eventmachine (>= 0.12.9)
      http_parser.rb (~> 0.5.3)
    erubis (2.7.0)
    escape_utils (0.3.2)
    eventmachine (1.0.3)
    execjs (1.4.0)
      multi_json (~> 1.0)
    factory_girl (4.2.0)
      activesupport (>= 3.0.0)
    factory_girl_rails (4.2.1)
      factory_girl (~> 4.2.0)
      railties (>= 3.0.0)
    faraday (0.8.8)
      multipart-post (~> 1.2.0)
    ffi (1.9.0)
    formatador (0.2.4)
    formtastic (2.2.1)
      actionpack (>= 3.0)
    gherkin (2.12.0)
      multi_json (~> 1.3)
    god (0.13.2)
    growl (1.0.3)
    guard (1.8.2)
      formatador (>= 0.2.4)
      listen (>= 1.0.0)
      lumberjack (>= 1.0.2)
      pry (>= 0.9.10)
      thor (>= 0.14.6)
    guard-bundler (1.0.0)
      bundler (~> 1.0)
      guard (~> 1.1)
    guard-cucumber (1.4.0)
      cucumber (>= 1.2.0)
      guard (>= 1.1.0)
    guard-haml (0.5)
      guard (>= 1.1)
      haml (>= 3.0)
    guard-livereload (1.4.0)
      em-websocket (>= 0.5.0)
      guard (>= 1.8.0)
      multi_json (~> 1.7)
    guard-rspec (3.0.2)
      guard (>= 1.8)
      rspec (~> 2.13)
    guard-spork (1.5.1)
      childprocess (>= 0.2.3)
      guard (>= 1.1)
      spork (>= 0.8.4)
    guard-test (1.0.0)
      guard (>= 1.8)
      test-unit (~> 2.2)
    haml (4.0.3)
      tilt
    haml-rails (0.4)
      actionpack (>= 3.1, < 4.1)
      activesupport (>= 3.1, < 4.1)
      haml (>= 3.1, < 4.1)
      railties (>= 3.1, < 4.1)
    hashie (2.0.5)
    highline (1.6.19)
    hike (1.2.3)
    hpricot (0.8.6)
    http_parser.rb (0.5.3)
    httparty (0.11.0)
      multi_json (~> 1.0)
      multi_xml (>= 0.5.2)
    httpauth (0.2.0)
    i18n (0.6.5)
    jbuilder (1.5.1)
      activesupport (>= 3.0.0)
      multi_json (>= 1.2.0)
    jquery-rails (3.0.4)
      railties (>= 3.0, < 5.0)
      thor (>= 0.14, < 2.0)
    json (1.8.0)
    jwt (0.1.8)
      multi_json (>= 1.5)
    launchy (2.3.0)
      addressable (~> 2.3)
    libv8 (3.11.8.17)
    listen (1.2.2)
      rb-fsevent (>= 0.9.3)
      rb-inotify (>= 0.9)
      rb-kqueue (>= 0.2)
    lumberjack (1.0.4)
    mail (2.4.4)
      i18n (>= 0.4.0)
      mime-types (~> 1.16)
      treetop (~> 1.4.8)
    make_resourceful (1.0.1)
    memoist (0.9.1)
    method_source (0.8.2)
    mime-types (1.23)
    mini_portile (0.5.1)
    mono_logger (1.1.0)
    multi_json (1.7.9)
    multi_test (0.0.2)
    multi_xml (0.5.4)
    multipart-post (1.2.0)
    nested_form (0.3.2)
    net-scp (1.1.2)
      net-ssh (>= 2.6.5)
    net-sftp (2.1.2)
      net-ssh (>= 2.6.5)
    net-ssh (2.6.8)
    net-ssh-gateway (1.2.0)
      net-ssh (>= 2.6.5)
    nokogiri (1.6.0)
      mini_portile (~> 0.5.0)
    oauth (0.4.7)
    oauth2 (0.8.1)
      faraday (~> 0.8)
      httpauth (~> 0.1)
      jwt (~> 0.1.4)
      multi_json (~> 1.0)
      rack (~> 1.2)
    omniauth (1.1.4)
      hashie (>= 1.2, < 3)
      rack
    omniauth-facebook (1.4.1)
      omniauth-oauth2 (~> 1.1.0)
    omniauth-google (1.0.2)
      multi_json
      omniauth (~> 1.0)
      omniauth-oauth
    omniauth-oauth (1.0.1)
      oauth
      omniauth (~> 1.0)
    omniauth-oauth2 (1.1.1)
      oauth2 (~> 0.8.0)
      omniauth (~> 1.0)
    omniauth-openid (1.0.1)
      omniauth (~> 1.0)
      rack-openid (~> 1.3.1)
    omniauth-steam (1.0.2)
      multi_json
      omniauth-openid
    omniauth-yahoo (0.0.4)
      omniauth-oauth (~> 1.0)
    paper_trail (2.7.2)
      activerecord (~> 3.0)
      railties (~> 3.0)
    passenger (4.0.10)
      daemon_controller (>= 1.1.0)
      rack
      rake (>= 0.8.1)
    pg (0.16.0)
    polyglot (0.3.3)
    pry (0.9.12.2)
      coderay (~> 1.0.5)
      method_source (~> 0.8)
      slop (~> 3.4)
    pry-rails (0.3.2)
      pry (>= 0.9.10)
    rack (1.3.10)
    rack-cache (1.2)
      rack (>= 0.4)
    rack-mount (0.8.3)
      rack (>= 1.0.0)
    rack-openid (1.3.1)
      rack (>= 1.1.0)
      ruby-openid (>= 2.1.8)
    rack-protection (1.5.0)
      rack
    rack-ssl (1.3.3)
      rack
    rack-test (0.6.2)
      rack (>= 1.0)
    rails (3.1.12)
      actionmailer (= 3.1.12)
      actionpack (= 3.1.12)
      activerecord (= 3.1.12)
      activeresource (= 3.1.12)
      activesupport (= 3.1.12)
      bundler (~> 1.0)
      railties (= 3.1.12)
    railties (3.1.12)
      actionpack (= 3.1.12)
      activesupport (= 3.1.12)
      rack-ssl (~> 1.3.2)
      rake (>= 0.8.7)
      rdoc (~> 3.4)
      thor (~> 0.14.6)
    rake (10.1.0)
    rb-fsevent (0.9.3)
    rb-inotify (0.9.0)
      ffi (>= 0.5.0)
    rb-kqueue (0.2.0)
      ffi (>= 0.5.0)
    rdoc (3.12.2)
      json (~> 1.4)
    redis (3.0.4)
    redis-namespace (1.3.0)
      redis (~> 3.0.0)
    ref (1.0.5)
    resque (1.24.1)
      mono_logger (~> 1.0)
      multi_json (~> 1.0)
      redis-namespace (~> 1.2)
      sinatra (>= 0.9.2)
      vegas (~> 0.1.2)
    rspec (2.14.1)
      rspec-core (~> 2.14.0)
      rspec-expectations (~> 2.14.0)
      rspec-mocks (~> 2.14.0)
    rspec-core (2.14.5)
    rspec-expectations (2.14.2)
      diff-lcs (>= 1.1.3, < 2.0)
    rspec-mocks (2.14.3)
    rspec-rails (2.14.0)
      actionpack (>= 3.0)
      activesupport (>= 3.0)
      railties (>= 3.0)
      rspec-core (~> 2.14.0)
      rspec-expectations (~> 2.14.0)
      rspec-mocks (~> 2.14.0)
    ruby-openid (2.2.3)
    ruby-prof (0.13.0)
    ruby_parser (3.2.2)
      sexp_processor (~> 4.1)
    rubyzip (0.9.9)
    sass (3.2.10)
    sass-rails (3.1.4)
      actionpack (~> 3.1.0)
      railties (~> 3.1.0)
      sass (>= 3.1.4)
      sprockets (~> 2.0.0)
      tilt (~> 1.3.2)
    selenium-client (1.2.18)
    selenium-webdriver (2.33.0)
      childprocess (>= 0.2.5)
      multi_json (~> 1.0)
      rubyzip
      websocket (~> 1.0.4)
    sexp_processor (4.2.1)
    shoulda-matchers (2.2.0)
      activesupport (>= 3.0.0)
    simplecov (0.7.1)
      multi_json (~> 1.0)
      simplecov-html (~> 0.7.1)
    simplecov-html (0.7.1)
    sinatra (1.3.3)
      rack (~> 1.3, >= 1.3.6)
      rack-protection (~> 1.2)
      tilt (~> 1.3, >= 1.3.3)
    slop (3.4.6)
    spork (0.9.2)
    sprockets (2.0.4)
      hike (~> 1.2)
      rack (~> 1.0)
      tilt (~> 1.1, != 1.3.0)
    test-unit (2.4.7)
    therubyracer (0.11.4)
      libv8 (~> 3.11.8.12)
      ref
    thin (1.5.1)
      daemons (>= 1.0.9)
      eventmachine (>= 0.12.6)
      rack (>= 1.0.0)
    thor (0.14.6)
    tilt (1.3.7)
    timecop (0.6.2.2)
    treetop (1.4.14)
      polyglot
      polyglot (>= 0.3.1)
    turn (0.8.2)
      ansi (>= 1.2.2)
    tzinfo (0.3.37)
    uglifier (2.1.2)
      execjs (>= 0.3.0)
      multi_json (~> 1.0, >= 1.0.2)
    uniform_notifier (1.2.0)
    vegas (0.1.11)
      rack (>= 1.0.0)
    virtus (0.5.5)
      backports (~> 3.3)
      descendants_tracker (~> 0.0.1)
    webrat (0.7.3)
      nokogiri (>= 1.2.0)
      rack (>= 1.0)
      rack-test (>= 0.5.3)
    websocket (1.0.7)
    will_paginate (3.0.4)
    xpath (2.0.0)
      nokogiri (~> 1.3)

PLATFORMS
  ruby

DEPENDENCIES
  RedCloth
  acts_as_tree
  bullet
  cancan
  capistrano
  capybara
  cocoon
  coffee-rails (~> 3.1.0)
  crack
  cucumber-rails
  database_cleaner
  escape_utils
  factory_girl_rails
  formtastic
  god
  growl
  guard-bundler
  guard-cucumber
  guard-haml
  guard-livereload
  guard-rspec
  guard-spork
  guard-test
  haml-rails
  hpricot
  httparty
  jbuilder
  jquery-rails
  json
  launchy
  make_resourceful
  memoist
  nested_form
  nokogiri
  omniauth
  omniauth-facebook
  omniauth-google
  omniauth-openid
  omniauth-steam
  omniauth-yahoo
  paper_trail
  passenger
  pg
  pry-rails
  rails (= 3.1.12)
  rb-fsevent
  resque
  rspec-rails
  ruby-prof
  ruby_parser
  sass-rails (= 3.1.4)
  selenium-client
  selenium-webdriver
  shoulda-matchers
  simplecov
  spork
  test-unit (= 2.4.7)
  therubyracer
  thin
  timecop
  turn (< 0.8.3)
  uglifier
  virtus
  webrat
  will_paginate
